GEM
  remote: https://rubygems.org/
  specs:
    chunky_png (1.2)
      rake (= 11.2.2)
      rspec (= 3.5.0)
    compass (1.1.0.alpha.3)
      chunky_png (= 1.2)
      compass-core (= 1.1.0.alpha.3)
      compass-import-once (= 1.0.5)
      rb-fsevent (= 0.9.3)
      rb-inotify (= 0.9)
      sass (= 3.3.13)
    compass-core (1.1.0.alpha.3)
      multi_json (= 1.0)
      rake (= 11.2.2)
    compass-import-once (1.0.5)
    diff-lcs (1.2.5)
    ffi (1.9.14)
    multi_json (1.0)
    rake (11.2.2)
    rb-fsevent (0.9.3)
      rspec (= 3.5.0)
    rb-inotify (0.9)
      ffi (= 1.9.14)
    rspec (3.5.0)
      rspec-core (= 3.5.0)
      rspec-expectations (= 3.5.0)
      rspec-mocks (= 3.5.0)
    rspec-core (3.5.0)
      rspec-support (= 3.5.0)
    rspec-expectations (3.5.0)
      diff-lcs (= 1.2.5)
      rspec-support (= 3.5.0)
    rspec-mocks (3.5.0)
      diff-lcs (= 1.2.5)
      rspec-support (= 3.5.0)
    rspec-support (3.5.0)
    sass (3.3.13)

PLATFORMS
  ruby

DEPENDENCIES
  chunky_png (= 1.2)
  compass (= 1.1.0.alpha.3)
  compass-core (= 1.1.0.alpha.3)
  compass-import-once (= 1.0.5)
  rb-fsevent (= 0.9.3)
  rb-inotify (= 0.9)
  sass (= 3.3.13)

BUNDLED WITH
   1.11.2
